PATH
  remote: .
  specs:
    uweibo (0.0.1)
      thor
      weibo_2

GEM
  remote: http://ruby.taobao.org/
  specs:
    binding_of_caller (0.7.2)
      debug_inspector (>= 0.0.1)
    coderay (1.1.0)
    columnize (0.3.6)
    debug_inspector (0.0.2)
    debugger (1.6.3)
      columnize (>= 0.3.1)
      debugger-linecache (~> 1.2.0)
      debugger-ruby_core_source (~> 1.2.4)
    debugger-linecache (1.2.0)
    debugger-ruby_core_source (1.2.4)
    faraday (0.8.8)
      multipart-post (~> 1.2.0)
    haml (4.0.4)
      tilt
    hashie (2.0.5)
    httpauth (0.2.0)
    json (1.7.7)
    jwt (0.1.8)
      multi_json (>= 1.5)
    method_source (0.8.2)
    mime-types (2.0)
    multi_json (1.8.2)
    multi_xml (0.5.5)
    multipart-post (1.2.0)
    oauth2 (0.9.2)
      faraday (~> 0.8)
      httpauth (~> 0.2)
      jwt (~> 0.1.4)
      multi_json (~> 1.0)
      multi_xml (~> 0.5)
      rack (~> 1.2)
    pry (0.9.12.4)
      coderay (~> 1.0)
      method_source (~> 0.8)
      slop (~> 3.4)
    pry-debugger (0.2.2)
      debugger (~> 1.3)
      pry (~> 0.9.10)
    pry-nav (0.2.3)
      pry (~> 0.9.10)
    pry-stack_explorer (0.4.9.1)
      binding_of_caller (>= 0.7)
      pry (>= 0.9.11)
    rack (1.5.2)
    rack-protection (1.5.1)
      rack
    rake (10.1.0)
    rest-client (1.6.7)
      mime-types (>= 1.16)
    sass (3.2.12)
    sinatra (1.4.4)
      rack (~> 1.4)
      rack-protection (~> 1.4)
      tilt (~> 1.3, >= 1.3.4)
    slop (3.4.7)
    thor (0.18.1)
    tilt (1.4.1)
    time_ago_in_words (0.1.0)
    weibo_2 (0.1.5)
      hashie (~> 2.0.4)
      multi_json (~> 1)
      oauth2 (~> 0.9.1)
      rest-client (~> 1.6.7)

PLATFORMS
  ruby

DEPENDENCIES
  bundler (~> 1.3)
  haml
  json (~> 1.7.7)
  pry
  pry-debugger
  pry-nav
  pry-stack_explorer
  rake
  sass
  sinatra
  time_ago_in_words
  uweibo!
  weibo_2
